{
	"Modality": "MR",
	"MagneticFieldStrength": 7,
	"ImagingFrequency": 297.208,
	"Manufacturer": "Siemens",
	"ManufacturersModelName": "Investigational_Device_7T_Plus",
	"InstitutionName": "CMRR 7T/AS",
	"InstitutionalDepartmentName": "Department",
	"InstitutionAddress": "Sixth Street SE 2021,Minneapolis,District,US,55455",
	"DeviceSerialNumber": "18927",
	"StationName": "MAIN7TAS",
	"BodyPartExamined": "BRAIN",
	"PatientPosition": "HFS",
	"ProcedureStepDescription": "Luca^2D_GE",
	"SoftwareVersions": "syngo MR E12",
	"MRAcquisitionType": "2D",
	"SeriesDescription": "Run3_eja_ep2d_bold_pt8_TR1600_NoGap_NEW_012021",
	"ProtocolName": "Run3_eja_ep2d_bold_pt8_TR1600_NoGap_NEW_012021",
	"ScanningSequence": "EP",
	"SequenceVariant": "SK\\SS",
	"ScanOptions": "PFP\\FS",
	"SequenceName": "epfid2d1_210",
	"ImageType": ["ORIGINAL", "PRIMARY", "M", "MB", "ND", "MOSAIC"],
	"SeriesNumber": 15,
	"AcquisitionTime": "12:34:56.557500",
	"AcquisitionNumber": 1,
	"ImageComments": "Unaliased MB2/PE2/LB SENSE1+",
	"SliceThickness": 0.8,
	"SpacingBetweenSlices": 0.8,
	"SAR": 0.0937445,
	"EchoTime": 0.0264,
	"RepetitionTime": 1.6,
	"FlipAngle": 70,
	"PartialFourier": 0.75,
	"BaseResolution": 210,
	"ShimSetting": [
		-25,
		-202,
		819,
		-447,
		247,
		-1207,
		1338,
		-124	],
	"TxRefAmp": 240,
	"PhaseResolution": 1,
	"ReceiveCoilName": "1Tx32Rx_Head",
	"CoilString": "A32",
	"PulseSequenceDetails": "%CustomerSeq%\\eja_ep2d_bold",
	"WipMemBlock": "ce08048c-640b-4905-8342-de15cd1160e9||Sequence: R016 ve12u-ap01/master r/ed8cd8eb+; Aug  6 2021 16:06:51 by eja",
	"RefLinesPE": 36,
	"ConsistencyInfo": "N4_VE12U_LATEST_20181126",
	"MultibandAccelerationFactor": 2,
	"PercentPhaseFOV": 100,
	"PercentSampling": 100,
	"EchoTrainLength": 53,
	"PhaseEncodingSteps": 159,
	"AcquisitionMatrixPE": 210,
	"ReconMatrixPE": 210,
	"BandwidthPerPixelPhaseEncode": 14.286,
	"ParallelReductionFactorInPlane": 3,
	"EffectiveEchoSpacing": 0.000333327,
	"DerivedVendorReportedEchoSpacing": 0.00099998,
	"TotalReadoutTime": 0.0696653,
	"PixelBandwidth": 1190,
	"DwellTime": 2e-06,
	"PhaseEncodingDirection": "j",
	"SliceTiming": [
		0,
		0.8375,
		0.075,
		0.9125,
		0.1525,
		0.99,
		0.2275,
		1.065,
		0.3025,
		1.1425,
		0.38,
		1.2175,
		0.455,
		1.295,
		0.5325,
		1.37,
		0.6075,
		1.4475,
		0.685,
		1.5225,
		0.76,
		0,
		0.8375,
		0.075,
		0.9125,
		0.1525,
		0.99,
		0.2275,
		1.065,
		0.3025,
		1.1425,
		0.38,
		1.2175,
		0.455,
		1.295,
		0.5325,
		1.37,
		0.6075,
		1.4475,
		0.685,
		1.5225,
		0.76	],
	"ImageOrientationPatientDICOM": [
		0.999564,
		-0.00568634,
		0.028977,
		9.7167e-09,
		0.981285,
		0.192563	],
	"InPlanePhaseEncodingDirectionDICOM": "COL",
	"ConversionSoftware": "dcm2niix",
	"ConversionSoftwareVersion": "v1.0.20210317"
}
