{
	"Modality": "MR",
	"MagneticFieldStrength": 7,
	"ImagingFrequency": 297.208,
	"Manufacturer": "Siemens",
	"ManufacturersModelName": "Investigational_Device_7T_Plus",
	"InstitutionName": "CMRR 7T/AS",
	"InstitutionalDepartmentName": "Department",
	"InstitutionAddress": "Sixth Street SE 2021,Minneapolis,District,US,55455",
	"DeviceSerialNumber": "18927",
	"StationName": "MAIN7TAS",
	"BodyPartExamined": "BRAIN",
	"PatientPosition": "HFS",
	"ProcedureStepDescription": "Luca^2D_GE",
	"SoftwareVersions": "syngo MR E12",
	"MRAcquisitionType": "2D",
	"SeriesDescription": "eja_ep2d_bold_pt8_TR1600_NoGap_NEW_012021_SBRef",
	"ProtocolName": "eja_ep2d_bold_pt8_TR1600_NoGap_NEW_012021",
	"ScanningSequence": "EP",
	"SequenceVariant": "SK\\SS",
	"ScanOptions": "PFP\\FS",
	"SequenceName": "epfid2d1_210",
	"ImageType": ["ORIGINAL", "PRIMARY", "P", "ND", "MOSAIC", "PHASE"],
	"SeriesNumber": 35,
	"AcquisitionTime": "09:18:58.142500",
	"AcquisitionNumber": 1,
	"ImageComments": "Single-band reference SENSE1+",
	"SliceThickness": 0.8,
	"SpacingBetweenSlices": 0.8,
	"SAR": 0.0957655,
	"EchoTime": 0.0264,
	"RepetitionTime": 1.6,
	"FlipAngle": 70,
	"EchoTime1": 0.0264,
	"EchoTime2": 0.001,
	"PartialFourier": 0.75,
	"BaseResolution": 210,
	"ShimSetting": [
		14,
		-181,
		1203,
		531,
		269,
		-1251,
		1769,
		160	],
	"TxRefAmp": 240,
	"PhaseResolution": 1,
	"ReceiveCoilName": "1Tx32Rx_Head",
	"CoilString": "A32",
	"PulseSequenceDetails": "%CustomerSeq%\\eja_ep2d_bold",
	"WipMemBlock": "90499206-5f55-46bd-b422-b1ee60361fe5||Sequence: R016 ve12u-ap01/master r/7420e074; Dec  7 2020 17:50:52 by eja",
	"RefLinesPE": 36,
	"ConsistencyInfo": "N4_VE12U_LATEST_20181126",
	"PercentPhaseFOV": 100,
	"PercentSampling": 100,
	"EchoTrainLength": 53,
	"PhaseEncodingSteps": 159,
	"AcquisitionMatrixPE": 210,
	"ReconMatrixPE": 210,
	"BandwidthPerPixelPhaseEncode": 14.286,
	"ParallelReductionFactorInPlane": 3,
	"EffectiveEchoSpacing": 0.000333327,
	"DerivedVendorReportedEchoSpacing": 0.00099998,
	"TotalReadoutTime": 0.0696653,
	"PixelBandwidth": 1190,
	"DwellTime": 2e-06,
	"PhaseEncodingDirection": "j",
	"SliceTiming": [
		0,
		0.0775,
		0.1525,
		0.23,
		0.305,
		0.3825,
		0.4575,
		0.535,
		0.61,
		0.685,
		0.7625,
		0.8375,
		0.915,
		0.99,
		1.0675,
		1.1425,
		1.22,
		1.295,
		1.3725,
		1.4475,
		1.525,
		1.6,
		1.6775,
		1.7525,
		1.83,
		1.905,
		1.9825,
		2.0575,
		2.1325,
		2.21,
		2.285,
		2.3625,
		2.4375,
		2.515,
		2.59,
		2.6675,
		2.7425,
		2.82,
		2.895,
		2.9725,
		3.0475,
		3.125	],
	"ImageOrientationPatientDICOM": [
		0.999999,
		0.000166527,
		-0.0017293,
		-1.40578e-08,
		0.995396,
		0.0958459	],
	"InPlanePhaseEncodingDirectionDICOM": "COL",
	"ConversionSoftware": "dcm2niix",
	"ConversionSoftwareVersion": "v1.0.20210317"
}
