{
	"Modality": "MR",
	"MagneticFieldStrength": 6.98,
	"ImagingFrequency": 297.194,
	"Manufacturer": "Siemens",
	"ManufacturersModelName": "Investigational_Device_7T",
	"PatientPosition": "HFS",
	"ProcedureStepDescription": "MRI BRAIN WITHOUT IV CONTRAST",
	"SoftwareVersions": "syngo MR B17",
	"MRAcquisitionType": "2D",
	"ProtocolName": "cmrr+AF8-mbep2d+AF8-bold+AF8-auditory+AF8-AP+AF8-TOPUP",
	"ScanningSequence": "EP",
	"SequenceVariant": "SK\\SS",
	"ScanOptions": "PFP\\FS",
	"SequenceName": "epfid2d1_212",
	"ImageType": ["ORIGINAL", "PRIMARY", "P", "MB", "ND", "MOSAIC", "PHASE"],
	"SeriesNumber": 59,
	"AcquisitionTime": "16:44:53.277500",
	"AcquisitionNumber": 1,
	"SliceThickness": 0.8,
	"SpacingBetweenSlices": 0.8,
	"EchoTime": 0.0264,
	"RepetitionTime": 1.65,
	"FlipAngle": 77,
	"EchoTime1": 0.0264,
	"EchoTime2": 0.001,
	"PartialFourier": 0.75,
	"BaseResolution": 212,
	"ShimSetting": [
		314,
		316,
		860,
		86,
		-70,
		-404,
		112,
		98	],
	"TxRefAmp": 220,
	"PhaseResolution": 1,
	"ReceiveCoilName": "32Ch_Head_7T",
	"CoilString": "C:A32",
	"PulseSequenceDetails": "%CustomerSeq%\\cmrr_mbep2d_bold",
	"RefLinesPE": 66,
	"MultibandAccelerationFactor": 2,
	"PercentPhaseFOV": 100,
	"PercentSampling": 100,
	"PhaseEncodingSteps": 159,
	"AcquisitionMatrixPE": 212,
	"ReconMatrixPE": 212,
	"BandwidthPerPixelPhaseEncode": 13.607,
	"ParallelReductionFactorInPlane": 3,
	"EffectiveEchoSpacing": 0.000346658,
	"DerivedVendorReportedEchoSpacing": 0.00103998,
	"TotalReadoutTime": 0.0731449,
	"PixelBandwidth": 1123,
	"DwellTime": 2.1e-06,
	"PhaseEncodingDirection": "j-",
	"SliceTiming": [
		0,
		0.8675,
		0.0775,
		0.945,
		0.1575,
		1.025,
		0.235,
		1.1025,
		0.315,
		1.1825,
		0.3925,
		1.26,
		0.4725,
		1.34,
		0.55,
		1.4175,
		0.63,
		1.4975,
		0.71,
		1.5775,
		0.7875,
		0,
		0.8675,
		0.0775,
		0.945,
		0.1575,
		1.025,
		0.235,
		1.1025,
		0.315,
		1.1825,
		0.3925,
		1.26,
		0.4725,
		1.34,
		0.55,
		1.4175,
		0.63,
		1.4975,
		0.71,
		1.5775,
		0.7875	],
	"ImageOrientationPatientDICOM": [
		0.999988,
		0.000385751,
		-0.00491151,
		-1.66824e-08,
		0.99693,
		0.0782957	],
	"InPlanePhaseEncodingDirectionDICOM": "COL",
	"ConversionSoftware": "dcm2niix",
	"ConversionSoftwareVersion": "v1.0.20210317"
}
