{
	"Modality": "MR",
	"MagneticFieldStrength": 7,
	"ImagingFrequency": 297.208,
	"Manufacturer": "Siemens",
	"ManufacturersModelName": "Investigational_Device_7T_Plus",
	"InstitutionName": "CMRR 7T/AS",
	"InstitutionalDepartmentName": "Department",
	"InstitutionAddress": "Sixth Street SE 2021,Minneapolis,District,US,55455",
	"DeviceSerialNumber": "18927",
	"StationName": "MAIN7TAS",
	"BodyPartExamined": "BRAIN",
	"PatientPosition": "HFS",
	"ProcedureStepDescription": "Luca^2D_GE",
	"SoftwareVersions": "syngo MR E12",
	"MRAcquisitionType": "2D",
	"SeriesDescription": "eja_ep2d_bold_pt8_TR1600_NoGap_NEW_012021_run2_SBRef",
	"ProtocolName": "eja_ep2d_bold_pt8_TR1600_NoGap_NEW_012021_run2",
	"ScanningSequence": "EP",
	"SequenceVariant": "SK\\SS",
	"ScanOptions": "PFP\\FS",
	"SequenceName": "epfid2d1_210",
	"ImageType": ["ORIGINAL", "PRIMARY", "P", "ND", "MOSAIC", "PHASE"],
	"SeriesNumber": 20,
	"AcquisitionTime": "17:20:22.360000",
	"AcquisitionNumber": 1,
	"ImageComments": "Single-band reference SENSE1+",
	"SliceThickness": 0.8,
	"SpacingBetweenSlices": 0.8,
	"SAR": 0.0969539,
	"EchoTime": 0.0264,
	"RepetitionTime": 1.6,
	"FlipAngle": 70,
	"EchoTime1": 0.0264,
	"EchoTime2": 0.001,
	"PartialFourier": 0.75,
	"BaseResolution": 210,
	"ShimSetting": [
		7,
		-96,
		1246,
		605,
		155,
		-738,
		924,
		37	],
	"TxRefAmp": 240,
	"PhaseResolution": 1,
	"ReceiveCoilName": "1Tx32Rx_Head",
	"CoilString": "A32",
	"PulseSequenceDetails": "%CustomerSeq%\\eja_ep2d_bold",
	"WipMemBlock": "5ca47e21-1a3b-4448-99d6-bf50f8f13183||Sequence: R016 ve12u-ap01/master r/7420e074; Dec  7 2020 17:50:52 by eja",
	"RefLinesPE": 36,
	"ConsistencyInfo": "N4_VE12U_LATEST_20181126",
	"PercentPhaseFOV": 100,
	"PercentSampling": 100,
	"EchoTrainLength": 53,
	"PhaseEncodingSteps": 159,
	"AcquisitionMatrixPE": 210,
	"ReconMatrixPE": 210,
	"BandwidthPerPixelPhaseEncode": 14.286,
	"ParallelReductionFactorInPlane": 3,
	"EffectiveEchoSpacing": 0.000333327,
	"DerivedVendorReportedEchoSpacing": 0.00099998,
	"TotalReadoutTime": 0.0696653,
	"PixelBandwidth": 1190,
	"DwellTime": 2e-06,
	"PhaseEncodingDirection": "j",
	"SliceTiming": [
		0,
		0.075,
		0.1525,
		0.2275,
		0.305,
		0.38,
		0.4575,
		0.5325,
		0.61,
		0.685,
		0.7625,
		0.8375,
		0.9125,
		0.99,
		1.065,
		1.1425,
		1.2175,
		1.295,
		1.37,
		1.4475,
		1.5225,
		1.6,
		1.675,
		1.7525,
		1.8275,
		1.905,
		1.98,
		2.0575,
		2.1325,
		2.21,
		2.285,
		2.36,
		2.4375,
		2.5125,
		2.59,
		2.665,
		2.7425,
		2.8175,
		2.895,
		2.97,
		3.0475,
		3.1225	],
	"ImageOrientationPatientDICOM": [
		0.999396,
		0.00603427,
		-0.0342107,
		5.6937e-08,
		0.984798,
		0.173705	],
	"InPlanePhaseEncodingDirectionDICOM": "COL",
	"ConversionSoftware": "dcm2niix",
	"ConversionSoftwareVersion": "v1.0.20210317"
}
