{
	"Modality": "MR",
	"MagneticFieldStrength": 7,
	"ImagingFrequency": 297.208,
	"Manufacturer": "Siemens",
	"ManufacturersModelName": "Investigational_Device_7T_Plus",
	"InstitutionName": "CMRR 7T/AS",
	"InstitutionalDepartmentName": "Department",
	"InstitutionAddress": "Sixth Street SE 2021,Minneapolis,District,US,55455",
	"DeviceSerialNumber": "18927",
	"StationName": "MAIN7TAS",
	"BodyPartExamined": "BRAIN",
	"PatientPosition": "HFS",
	"ProcedureStepDescription": "Luca^2D_GE",
	"SoftwareVersions": "syngo MR E12",
	"MRAcquisitionType": "2D",
	"SeriesDescription": "Run3_eja_ep2d_bold_pt8_TR1600_NoGap_NEW_012021",
	"ProtocolName": "Run3_eja_ep2d_bold_pt8_TR1600_NoGap_NEW_012021",
	"ScanningSequence": "EP",
	"SequenceVariant": "SK\\SS",
	"ScanOptions": "PFP\\FS",
	"SequenceName": "epfid2d1_210",
	"ImageType": ["ORIGINAL", "PRIMARY", "M", "MB", "ND", "MOSAIC"],
	"SeriesNumber": 24,
	"AcquisitionTime": "16:25:12.045000",
	"AcquisitionNumber": 1,
	"ImageComments": "Unaliased MB2/PE2/LB SENSE1+",
	"SliceThickness": 0.8,
	"SpacingBetweenSlices": 0.8,
	"SAR": 0.0821682,
	"EchoTime": 0.0264,
	"RepetitionTime": 1.6,
	"FlipAngle": 70,
	"PartialFourier": 0.75,
	"BaseResolution": 210,
	"ShimSetting": [
		-31,
		89,
		1191,
		566,
		142,
		81,
		1254,
		137	],
	"TxRefAmp": 240,
	"PhaseResolution": 1,
	"ReceiveCoilName": "1Tx32Rx_Head",
	"CoilString": "A32",
	"PulseSequenceDetails": "%CustomerSeq%\\eja_ep2d_bold",
	"WipMemBlock": "4ae3fb71-43df-4af2-b3e9-1bfd75f3600f||Sequence: R016 ve12u-ap01/master r/ed8cd8eb+; Aug  6 2021 16:06:51 by eja",
	"RefLinesPE": 36,
	"ConsistencyInfo": "N4_VE12U_LATEST_20181126",
	"MultibandAccelerationFactor": 2,
	"PercentPhaseFOV": 100,
	"PercentSampling": 100,
	"EchoTrainLength": 53,
	"PhaseEncodingSteps": 159,
	"AcquisitionMatrixPE": 210,
	"ReconMatrixPE": 210,
	"BandwidthPerPixelPhaseEncode": 14.286,
	"ParallelReductionFactorInPlane": 3,
	"EffectiveEchoSpacing": 0.000333327,
	"DerivedVendorReportedEchoSpacing": 0.00099998,
	"TotalReadoutTime": 0.0696653,
	"PixelBandwidth": 1190,
	"DwellTime": 2e-06,
	"PhaseEncodingDirection": "j",
	"SliceTiming": [
		0,
		0.8375,
		0.0775,
		0.915,
		0.1525,
		0.99,
		0.23,
		1.0675,
		0.305,
		1.1425,
		0.3825,
		1.22,
		0.4575,
		1.295,
		0.535,
		1.3725,
		0.61,
		1.4475,
		0.6875,
		1.525,
		0.7625,
		0,
		0.8375,
		0.0775,
		0.915,
		0.1525,
		0.99,
		0.23,
		1.0675,
		0.305,
		1.1425,
		0.3825,
		1.22,
		0.4575,
		1.295,
		0.535,
		1.3725,
		0.61,
		1.4475,
		0.6875,
		1.525,
		0.7625	],
	"ImageOrientationPatientDICOM": [
		0.999612,
		0.00170177,
		-0.0278128,
		-3.10764e-09,
		0.998133,
		0.0610723	],
	"InPlanePhaseEncodingDirectionDICOM": "COL",
	"ConversionSoftware": "dcm2niix",
	"ConversionSoftwareVersion": "v1.0.20210317"
}
