{
	"Modality": "MR",
	"MagneticFieldStrength": 6.98,
	"ImagingFrequency": 297.194,
	"Manufacturer": "Siemens",
	"ManufacturersModelName": "Investigational_Device_7T",
	"PatientPosition": "HFS",
	"ProcedureStepDescription": "MRI BRAIN WITHOUT IV CONTRAST",
	"SoftwareVersions": "syngo MR B17",
	"MRAcquisitionType": "3D",
	"ProtocolName": "mp2rage+AF8-iso0.65+AF8-iPAT2+AF8-angulated+AF8-orig",
	"ScanningSequence": "GR\\IR",
	"SequenceVariant": "SP\\MP",
	"ScanOptions": "IR\\PFP\\WE",
	"SequenceName": "tfl3d1_ns",
	"ImageType": ["ORIGINAL", "PRIMARY", "M", "ND"],
	"SeriesNumber": 4,
	"AcquisitionTime": "15:40:8.355000",
	"AcquisitionNumber": 1,
	"SliceThickness": 0.65,
	"SAR": 0.0469171,
	"EchoTime": 0.00251,
	"RepetitionTime": 5,
	"InversionTime": 2.75,
	"FlipAngle": 3,
	"PartialFourier": 0.75,
	"BaseResolution": 320,
	"ShimSetting": [
		243,
		493,
		798,
		116,
		32,
		-201,
		7,
		66	],
	"TxRefAmp": 220,
	"PhaseResolution": 1,
	"ReceiveCoilName": "32Ch_Head_7T",
	"CoilString": "C:A32",
	"PulseSequenceDetails": "%CustomerSeq%\\mp2rage_wip602B",
	"RefLinesPE": 24,
	"PercentPhaseFOV": 100,
	"PercentSampling": 100,
	"PhaseEncodingSteps": 239,
	"AcquisitionMatrixPE": 320,
	"ReconMatrixPE": 320,
	"ParallelReductionFactorInPlane": 2,
	"PixelBandwidth": 248,
	"DwellTime": 6.3e-06,
	"ImageOrientationPatientDICOM": [
		0.0489193,
		0.998157,
		-0.0359128,
		-0.0157619,
		-0.0351799,
		-0.999257	],
	"InPlanePhaseEncodingDirectionDICOM": "ROW",
	"ConversionSoftware": "dcm2niix",
	"ConversionSoftwareVersion": "v1.0.20210317"
}
