{
	"Modality": "MR",
	"MagneticFieldStrength": 7,
	"ImagingFrequency": 297.208,
	"Manufacturer": "Siemens",
	"ManufacturersModelName": "Investigational_Device_7T_Plus",
	"InstitutionName": "CMRR 7T/AS",
	"InstitutionalDepartmentName": "Department",
	"InstitutionAddress": "Sixth Street SE 2021,Minneapolis,District,US,55455",
	"DeviceSerialNumber": "18927",
	"StationName": "MAIN7TAS",
	"BodyPartExamined": "BRAIN",
	"PatientPosition": "HFS",
	"ProcedureStepDescription": "Luca^2D_GE",
	"SoftwareVersions": "syngo MR E12",
	"MRAcquisitionType": "2D",
	"SeriesDescription": "Run2_eja_ep2d_bold_pt8_TR1600_NoGap_NEW_012021_SBRef",
	"ProtocolName": "Run2_eja_ep2d_bold_pt8_TR1600_NoGap_NEW_012021",
	"ScanningSequence": "EP",
	"SequenceVariant": "SK\\SS",
	"ScanOptions": "PFP\\FS",
	"SequenceName": "epfid2d1_210",
	"ImageType": ["ORIGINAL", "PRIMARY", "M", "ND", "MOSAIC"],
	"SeriesNumber": 20,
	"AcquisitionTime": "16:18:8.395000",
	"AcquisitionNumber": 1,
	"ImageComments": "Single-band reference SENSE1+",
	"SliceThickness": 0.8,
	"SpacingBetweenSlices": 0.8,
	"SAR": 0.0821682,
	"EchoTime": 0.0264,
	"RepetitionTime": 1.6,
	"FlipAngle": 70,
	"PartialFourier": 0.75,
	"BaseResolution": 210,
	"ShimSetting": [
		-31,
		89,
		1191,
		566,
		142,
		81,
		1254,
		137	],
	"TxRefAmp": 240,
	"PhaseResolution": 1,
	"ReceiveCoilName": "1Tx32Rx_Head",
	"CoilString": "A32",
	"PulseSequenceDetails": "%CustomerSeq%\\eja_ep2d_bold",
	"WipMemBlock": "b9da91ce-bec5-4cf9-90d4-50383494ea9c||Sequence: R016 ve12u-ap01/master r/ed8cd8eb+; Aug  6 2021 16:06:51 by eja",
	"RefLinesPE": 36,
	"ConsistencyInfo": "N4_VE12U_LATEST_20181126",
	"PercentPhaseFOV": 100,
	"PercentSampling": 100,
	"EchoTrainLength": 53,
	"PhaseEncodingSteps": 159,
	"AcquisitionMatrixPE": 210,
	"ReconMatrixPE": 210,
	"BandwidthPerPixelPhaseEncode": 14.286,
	"ParallelReductionFactorInPlane": 3,
	"EffectiveEchoSpacing": 0.000333327,
	"DerivedVendorReportedEchoSpacing": 0.00099998,
	"TotalReadoutTime": 0.0696653,
	"PixelBandwidth": 1190,
	"DwellTime": 2e-06,
	"PhaseEncodingDirection": "j",
	"SliceTiming": [
		0,
		0.0775,
		0.1525,
		0.2275,
		0.305,
		0.38,
		0.4575,
		0.5325,
		0.61,
		0.685,
		0.7625,
		0.8375,
		0.915,
		0.99,
		1.0675,
		1.1425,
		1.22,
		1.295,
		1.3725,
		1.4475,
		1.5225,
		1.6,
		1.675,
		1.7525,
		1.8275,
		1.905,
		1.98,
		2.0575,
		2.1325,
		2.21,
		2.285,
		2.3625,
		2.4375,
		2.515,
		2.59,
		2.6675,
		2.7425,
		2.82,
		2.895,
		2.97,
		3.0475,
		3.1225	],
	"ImageOrientationPatientDICOM": [
		0.999612,
		0.00170177,
		-0.0278128,
		-3.10764e-09,
		0.998133,
		0.0610723	],
	"InPlanePhaseEncodingDirectionDICOM": "COL",
	"ConversionSoftware": "dcm2niix",
	"ConversionSoftwareVersion": "v1.0.20210317"
}
