{
	"Modality": "MR",
	"MagneticFieldStrength": 7,
	"ImagingFrequency": 297.208,
	"Manufacturer": "Siemens",
	"ManufacturersModelName": "Investigational_Device_7T_Plus",
	"InstitutionName": "CMRR 7T/AS",
	"InstitutionalDepartmentName": "Department",
	"InstitutionAddress": "Sixth Street SE 2021,Minneapolis,District,US,55455",
	"DeviceSerialNumber": "18927",
	"StationName": "MAIN7TAS",
	"BodyPartExamined": "BRAIN",
	"PatientPosition": "HFS",
	"ProcedureStepDescription": "Luca^2D_GE",
	"SoftwareVersions": "syngo MR E12",
	"MRAcquisitionType": "2D",
	"SeriesDescription": "eja_ep2d_bold_pt8_TR1600_NoGap_NEW_012021",
	"ProtocolName": "eja_ep2d_bold_pt8_TR1600_NoGap_NEW_012021",
	"ScanningSequence": "EP",
	"SequenceVariant": "SK\\SS",
	"ScanOptions": "PFP\\FS",
	"SequenceName": "epfid2d1_210",
	"ImageType": ["ORIGINAL", "PRIMARY", "P", "MB", "ND", "MOSAIC", "PHASE"],
	"SeriesNumber": 31,
	"AcquisitionTime": "14:40:0.807500",
	"AcquisitionNumber": 1,
	"ImageComments": "Unaliased MB2/PE2/LB SENSE1+",
	"SliceThickness": 0.8,
	"SpacingBetweenSlices": 0.8,
	"SAR": 0.150557,
	"EchoTime": 0.0264,
	"RepetitionTime": 1.6,
	"FlipAngle": 70,
	"EchoTime1": 0.0264,
	"EchoTime2": 0.001,
	"PartialFourier": 0.75,
	"BaseResolution": 210,
	"ShimSetting": [
		24,
		-49,
		1378,
		942,
		529,
		-700,
		1616,
		201	],
	"TxRefAmp": 240,
	"PhaseResolution": 1,
	"ReceiveCoilName": "1Tx32Rx_Head",
	"CoilString": "A32",
	"PulseSequenceDetails": "%CustomerSeq%\\eja_ep2d_bold",
	"WipMemBlock": "ea59f6e2-8afc-4eb1-b706-d7746270f7ce||Sequence: R016 ve12u-ap01/master r/7420e074; Dec  7 2020 17:50:52 by eja",
	"RefLinesPE": 36,
	"ConsistencyInfo": "N4_VE12U_LATEST_20181126",
	"MultibandAccelerationFactor": 2,
	"PercentPhaseFOV": 100,
	"PercentSampling": 100,
	"EchoTrainLength": 53,
	"PhaseEncodingSteps": 159,
	"AcquisitionMatrixPE": 210,
	"ReconMatrixPE": 210,
	"BandwidthPerPixelPhaseEncode": 14.286,
	"ParallelReductionFactorInPlane": 3,
	"EffectiveEchoSpacing": 0.000333327,
	"DerivedVendorReportedEchoSpacing": 0.00099998,
	"TotalReadoutTime": 0.0696653,
	"PixelBandwidth": 1190,
	"DwellTime": 2e-06,
	"PhaseEncodingDirection": "j",
	"SliceTiming": [
		0,
		0.8375,
		0.075,
		0.915,
		0.1525,
		0.99,
		0.2275,
		1.0675,
		0.305,
		1.1425,
		0.38,
		1.22,
		0.4575,
		1.295,
		0.5325,
		1.37,
		0.61,
		1.4475,
		0.685,
		1.5225,
		0.7625,
		0,
		0.8375,
		0.075,
		0.915,
		0.1525,
		0.99,
		0.2275,
		1.0675,
		0.305,
		1.1425,
		0.38,
		1.22,
		0.4575,
		1.295,
		0.5325,
		1.37,
		0.61,
		1.4475,
		0.685,
		1.5225,
		0.7625	],
	"ImageOrientationPatientDICOM": [
		0.999125,
		0.00219023,
		-0.0417552,
		-7.21428e-09,
		0.998627,
		0.0523818	],
	"InPlanePhaseEncodingDirectionDICOM": "COL",
	"ConversionSoftware": "dcm2niix",
	"ConversionSoftwareVersion": "v1.0.20210317"
}
