{
	"Modality": "MR",
	"MagneticFieldStrength": 7,
	"ImagingFrequency": 297.208,
	"Manufacturer": "Siemens",
	"ManufacturersModelName": "Investigational_Device_7T_Plus",
	"InstitutionName": "CMRR 7T/AS",
	"InstitutionalDepartmentName": "Department",
	"InstitutionAddress": "Sixth Street SE 2021,Minneapolis,District,US,55455",
	"DeviceSerialNumber": "18927",
	"StationName": "MAIN7TAS",
	"BodyPartExamined": "BRAIN",
	"PatientPosition": "HFS",
	"ProcedureStepDescription": "Luca^2D_GE",
	"SoftwareVersions": "syngo MR E12",
	"MRAcquisitionType": "3D",
	"SeriesDescription": "T1_0p75_iso_mp2rage_sag_INV1",
	"ProtocolName": "T1_0p75_iso_mp2rage_sag",
	"ScanningSequence": "GR\\IR",
	"SequenceVariant": "SK\\SP\\MP",
	"ScanOptions": "IR\\WE",
	"SequenceName": "*tfl3d1_16ns",
	"ImageType": ["ORIGINAL", "PRIMARY", "M", "ND"],
	"SeriesNumber": 2,
	"AcquisitionTime": "13:43:47.397500",
	"AcquisitionNumber": 1,
	"SliceThickness": 0.75,
	"SAR": 0.160817,
	"EchoTime": 0.00227,
	"RepetitionTime": 4.3,
	"InversionTime": 1,
	"FlipAngle": 4,
	"PartialFourier": 1,
	"BaseResolution": 320,
	"ShimSetting": [
		24,
		-49,
		1378,
		942,
		529,
		-700,
		1616,
		201	],
	"TxRefAmp": 240.616,
	"PhaseResolution": 1,
	"ReceiveCoilName": "1Tx32Rx_Head",
	"CoilString": "A32",
	"PulseSequenceDetails": "%SiemensSeq%\\tfl",
	"RefLinesPE": 36,
	"ConsistencyInfo": "N4_VE12U_LATEST_20181126",
	"PercentPhaseFOV": 93.75,
	"PercentSampling": 100,
	"PhaseEncodingSteps": 298,
	"AcquisitionMatrixPE": 300,
	"ReconMatrixPE": 300,
	"ParallelReductionFactorInPlane": 3,
	"PixelBandwidth": 200,
	"DwellTime": 7.8e-06,
	"ImageOrientationPatientDICOM": [
		0,
		1,
		0,
		0,
		0,
		-1	],
	"InPlanePhaseEncodingDirectionDICOM": "ROW",
	"ConversionSoftware": "dcm2niix",
	"ConversionSoftwareVersion": "v1.0.20210317"
}
