{
	"Modality": "MR",
	"MagneticFieldStrength": 6.98,
	"ImagingFrequency": 297.194,
	"Manufacturer": "Siemens",
	"ManufacturersModelName": "Investigational_Device_7T",
	"InstitutionName": "NYU LANGONE CBI",
	"InstitutionalDepartmentName": "Research",
	"InstitutionAddress": "660 1st Avenue, Ground Floor New York, NY 10016-3295",
	"DeviceSerialNumber": "18915",
	"StationName": "MRC18915",
	"PatientPosition": "HFS",
	"ProcedureStepDescription": "MRI BRAIN WITHOUT IV CONTRAST",
	"SoftwareVersions": "syngo MR B17",
	"MRAcquisitionType": "3D",
	"SeriesDescription": "mp2rage_iso0.65_iPAT2_angulated_orig_UNI_Images",
	"ProtocolName": "mp2rage_iso0.65_iPAT2_angulated_orig",
	"ScanningSequence": "GR\\IR",
	"SequenceVariant": "SP\\MP",
	"ScanOptions": "IR\\PFP\\WE",
	"SequenceName": "tfl3d1_ns",
	"ImageType": ["ORIGINAL", "PRIMARY", "M", "ND"],
	"SeriesNumber": 10,
	"AcquisitionTime": "14:51:55.530000",
	"AcquisitionNumber": 1,
	"ImageComments": "MP2RAGE uniform image",
	"SliceThickness": 0.65,
	"SAR": 0.0643307,
	"EchoTime": 0.00251,
	"RepetitionTime": 5,
	"PartialFourier": 0.75,
	"BaseResolution": 320,
	"ShimSetting": [
		274,
		344,
		783,
		131,
		-7,
		-423,
		-46,
		83	],
	"TxRefAmp": 176,
	"PhaseResolution": 1,
	"ReceiveCoilName": "32Ch_Head_7T",
	"CoilString": "C:A32",
	"PulseSequenceDetails": "%CustomerSeq%\\mp2rage_wip602B",
	"RefLinesPE": 24,
	"PercentPhaseFOV": 100,
	"PercentSampling": 100,
	"PhaseEncodingSteps": 239,
	"AcquisitionMatrixPE": 320,
	"ReconMatrixPE": 320,
	"ParallelReductionFactorInPlane": 2,
	"PixelBandwidth": 248,
	"DwellTime": 6.3e-06,
	"ImageOrientationPatientDICOM": [
		-0.061589,
		0.997455,
		-0.035912,
		0.0177935,
		-0.0348773,
		-0.999233	],
	"InPlanePhaseEncodingDirectionDICOM": "ROW",
	"ConversionSoftware": "dcm2niix",
	"ConversionSoftwareVersion": "v1.0.20210317"
}
