{
	"Modality": "MR",
	"MagneticFieldStrength": 6.98,
	"ImagingFrequency": 297.194,
	"Manufacturer": "Siemens",
	"ManufacturersModelName": "Investigational_Device_7T",
	"PatientPosition": "HFS",
	"ProcedureStepDescription": "MRI BRAIN WITHOUT IV CONTRAST",
	"SoftwareVersions": "syngo MR B17",
	"MRAcquisitionType": "2D",
	"ProtocolName": "cmrr+AF8-mbep2d+AF8-bold+AF8-auditory+AF8-run3",
	"ScanningSequence": "EP",
	"SequenceVariant": "SK\\SS",
	"ScanOptions": "PFP\\FS",
	"SequenceName": "epfid2d1_212",
	"ImageType": ["ORIGINAL", "PRIMARY", "M", "ND", "MOSAIC"],
	"SeriesNumber": 29,
	"AcquisitionTime": "16:23:7.485000",
	"AcquisitionNumber": 1,
	"SliceThickness": 0.8,
	"SpacingBetweenSlices": 0.8,
	"EchoTime": 0.0264,
	"RepetitionTime": 1.65,
	"FlipAngle": 77,
	"PartialFourier": 0.75,
	"BaseResolution": 212,
	"ShimSetting": [
		231,
		508,
		907,
		118,
		115,
		122,
		33,
		39	],
	"TxRefAmp": 220,
	"PhaseResolution": 1,
	"ReceiveCoilName": "32Ch_Head_7T",
	"CoilString": "C:A32",
	"PulseSequenceDetails": "%CustomerSeq%\\cmrr_mbep2d_bold",
	"RefLinesPE": 66,
	"PercentPhaseFOV": 100,
	"PercentSampling": 100,
	"PhaseEncodingSteps": 159,
	"AcquisitionMatrixPE": 212,
	"ReconMatrixPE": 212,
	"BandwidthPerPixelPhaseEncode": 13.607,
	"ParallelReductionFactorInPlane": 3,
	"EffectiveEchoSpacing": 0.000346658,
	"DerivedVendorReportedEchoSpacing": 0.00103998,
	"TotalReadoutTime": 0.0731449,
	"PixelBandwidth": 1123,
	"DwellTime": 2.1e-06,
	"PhaseEncodingDirection": "j-",
	"SliceTiming": [
		0,
		0.08,
		0.1575,
		0.2375,
		0.315,
		0.395,
		0.475,
		0.5525,
		0.6325,
		0.71,
		0.79,
		0.8675,
		0.9475,
		1.025,
		1.105,
		1.1825,
		1.2625,
		1.3425,
		1.42,
		1.5,
		1.5775,
		1.6575,
		1.735,
		1.815,
		1.8925,
		1.9725,
		2.05,
		2.13,
		2.21,
		2.2875,
		2.3675,
		2.445,
		2.525,
		2.6025,
		2.6825,
		2.76,
		2.84,
		2.9175,
		2.9975,
		3.0775,
		3.155,
		3.235	],
	"ImageOrientationPatientDICOM": [
		0.999961,
		-0.00152595,
		0.008666,
		1.16183e-08,
		0.984849,
		0.173415	],
	"InPlanePhaseEncodingDirectionDICOM": "COL",
	"ConversionSoftware": "dcm2niix",
	"ConversionSoftwareVersion": "v1.0.20210317"
}
